GEM
  remote: https://rubygems.org/
  specs:
    addressable (2.3.5)
    bson (1.9.2)
    faraday (0.8.8)
      multipart-post (~> 1.2.0)
    mongo (1.9.2)
      bson (~> 1.9.2)
    multipart-post (1.2.0)
    octokit (2.6.3)
      sawyer (~> 0.5.1)
    sawyer (0.5.1)
      addressable (~> 2.3.5)
      faraday (~> 0.8, < 0.10)

PLATFORMS
  ruby

DEPENDENCIES
  mongo
  octokit (~> 2.0)
